GEM
  remote: https://rubygems.org/
  specs:
    libv8 (3.16.14.17)
    mini_portile2 (2.1.0)
    nokogiri (1.6.8.1)
      mini_portile2 (~> 2.1.0)
    ref (2.0.0)
    therubyracer (0.12.2)
      libv8 (~> 3.16.14.0)
      ref

PLATFORMS
  ruby

DEPENDENCIES
  libv8
  nokogiri
  therubyracer (>= 0.11.0beta1)

BUNDLED WITH
   1.13.6
