GEM
  remote: https://rubygems.org/
  specs:
    execjs (2.7.0)
    libv8 (3.16.14.17)
    mini_portile2 (2.1.0)
    nokogiri (1.6.8.1)
      mini_portile2 (~> 2.1.0)
    ref (2.0.0)
    therubyracer (0.12.2)
      libv8 (~> 3.16.14.0)
      ref

PLATFORMS
  ruby

DEPENDENCIES
  execjs
  nokogiri
  therubyracer

BUNDLED WITH
   1.12.5
